GEM
  remote: https://rubygems.org/
  specs:
    beaneater (1.0.0)
    byebug (8.2.1)
    dotenv (2.0.2)
    json (1.8.1)
    minitest (5.8.3)
    pg (0.18.4)

PLATFORMS
  ruby

DEPENDENCIES
  beaneater
  byebug
  dotenv
  json
  minitest
  pg

BUNDLED WITH
   1.10.6
